GEM
  remote: https://rubygems.org/
  specs:
    chunky_png (1.3.14)

PLATFORMS
  ruby

DEPENDENCIES
  chunky_png

BUNDLED WITH
   2.1.4
